GEM
  remote: http://rubygems.org/
  specs:
    base64 (0.2.0)
    jruby-jars (1.7.0)
    jruby-rack (1.1.10)
    json (1.7.5)
    json (1.7.5-java)
    mustermann (3.0.0)
      ruby2_keywords (~> 0.0.1)
    rack (3.0.9.1)
    rack-protection (4.0.0)
      base64 (>= 0.1.0)
      rack (>= 3.0.0, < 4)
    rack-session (2.0.0)
      rack (>= 3.0.0)
    rake (0.9.2.2)
    ruby2_keywords (0.0.5)
    rubyzip (0.9.9)
    sinatra (4.0.0)
      mustermann (~> 3.0)
      rack (>= 3.0.0, < 4)
      rack-protection (= 4.0.0)
      rack-session (>= 2.0.0, < 3)
      tilt (~> 2.0)
    tilt (2.3.0)
    warbler (1.3.5)
      jruby-jars (>= 1.4.0)
      jruby-rack (>= 1.0.0)
      rake (>= 0.8.7)
      rubyzip (>= 0.9.4)

PLATFORMS
  java
  ruby

DEPENDENCIES
  jruby-jars (= 1.7.0)
  json
  sinatra (>= 2.0.0)
  warbler (= 1.3.5)

BUNDLED WITH
   2.1.4
