GEM
  remote: http://rubygems.org/
  specs:
    jruby-jars (1.7.0)
    jruby-rack (1.1.10)
    json (1.7.5)
    json (1.7.5-java)
    rack (1.4.1)
    rack-protection (1.2.0)
      rack
    rake (0.9.2.2)
    rubyzip (0.9.9)
    sinatra (1.3.3)
      rack (~> 1.3, >= 1.3.6)
      rack-protection (~> 1.2)
      tilt (~> 1.3, >= 1.3.3)
    tilt (1.3.3)
    warbler (1.3.5)
      jruby-jars (>= 1.4.0)
      jruby-rack (>= 1.0.0)
      rake (>= 0.8.7)
      rubyzip (>= 0.9.4)

PLATFORMS
  java

DEPENDENCIES
  jruby-jars (= 1.7.0)
  json
  sinatra
  warbler (= 1.3.5)
